PATH
  remote: .
  specs:
    metanorma (0.3.17)
      asciidoctor
      htmlentities

GEM
  remote: https://rubygems.org/
  specs:
    addressable (2.7.0)
      public_suffix (>= 2.0.2, < 5.0)
    asciidoctor (2.0.10)
    asciimath (1.0.9)
    byebug (10.0.2)
    cnccs (0.1.5)
    concurrent-ruby (1.1.5)
    diff-lcs (1.3)
    equivalent-xml (0.6.0)
      nokogiri (>= 1.4.3)
    faraday (0.17.0)
      multipart-post (>= 1.2, < 3)
    ffi (1.11.1)
    gb-agencies (0.0.6)
    html2doc (0.9.1)
      asciimath (~> 1.0.9)
      htmlentities (~> 4.3.4)
      image_size
      mime-types
      nokogiri (>= 1.10.4)
      thread_safe
      uuidtools
    htmlentities (4.3.4)
    iev (0.2.3)
      nokogiri (>= 1.10.4)
    image_size (2.0.2)
    isodoc (1.0.7)
      asciimath
      html2doc (~> 0.9.0)
      htmlentities (~> 4.3.4)
      liquid
      metanorma (~> 0.3.0)
      nokogiri (>= 1.10.4)
      rake (~> 12.0)
      roman-numerals
      sassc (~> 2.2.1)
      thread_safe
      uuidtools
    isoics (0.1.8)
    liquid (4.0.3)
    metanorma-iso (1.3.7)
      isodoc (~> 1.0.0)
      metanorma-standoc (~> 1.3.0)
      ruby-jing
    metanorma-standoc (1.3.7)
      asciidoctor (~> 2.0.0)
      concurrent-ruby
      html2doc (~> 0.9.0)
      iev (~> 0.2.1)
      isodoc (~> 1.0.0)
      mimemagic
      relaton (~> 0.5.0)
      relaton-iev (~> 0.1.0)
      ruby-jing
      sterile (~> 1.0.14)
      unicode2latex (~> 0.0.1)
    mime-types (3.3)
      mime-types-data (~> 3.2015)
    mime-types-data (3.2019.1009)
    mimemagic (0.3.3)
    mini_portile2 (2.4.0)
    mixlib-shellout (2.4.4)
    multipart-post (2.1.1)
    nokogiri (1.10.5)
      mini_portile2 (~> 2.4.0)
    optout (0.0.2)
    public_suffix (4.0.1)
    rake (12.3.3)
    relaton (0.5.11)
      relaton-calconnect (~> 0.1.0)
      relaton-gb (~> 0.6.0)
      relaton-iec (~> 0.4.0)
      relaton-ietf (~> 0.6.0)
      relaton-iso (~> 0.6.0)
      relaton-itu (~> 0.3.0)
      relaton-nist (~> 0.3.0)
      relaton-ogc (~> 0.1.0)
    relaton-bib (0.3.12)
      addressable
      nokogiri
    relaton-calconnect (0.1.0)
      faraday
      relaton-iso-bib (~> 0.3.0)
    relaton-gb (0.6.7)
      cnccs (~> 0.1.1)
      gb-agencies (~> 0.0.1)
      relaton-iso-bib (~> 0.3.0)
    relaton-iec (0.4.10)
      addressable
      relaton-iso-bib (~> 0.3.0)
    relaton-ietf (0.6.9)
      relaton-bib (~> 0.3.0)
    relaton-iev (0.1.1)
      relaton (~> 0.5.0)
    relaton-iso (0.6.9)
      relaton-iec (~> 0.4.0)
      relaton-iso-bib (~> 0.3.0)
    relaton-iso-bib (0.3.12)
      isoics (~> 0.1.6)
      relaton-bib (~> 0.3.0)
      ruby_deep_clone (~> 0.8.0)
    relaton-itu (0.3.7)
      relaton-iso-bib (~> 0.3.0)
    relaton-nist (0.3.8)
      relaton-bib (~> 0.3.0)
      rubyzip
    relaton-ogc (0.1.4)
      faraday
      relaton-iso-bib (~> 0.3.0)
    roman-numerals (0.3.0)
    rspec (3.9.0)
      rspec-core (~> 3.9.0)
      rspec-expectations (~> 3.9.0)
      rspec-mocks (~> 3.9.0)
    rspec-command (1.0.3)
      mixlib-shellout (~> 2.0)
      rspec (~> 3.2)
      rspec-its (~> 1.2)
    rspec-core (3.9.0)
      rspec-support (~> 3.9.0)
    rspec-expectations (3.9.0)
      diff-lcs (>= 1.2.0, < 2.0)
      rspec-support (~> 3.9.0)
    rspec-its (1.3.0)
      rspec-core (>= 3.0.0)
      rspec-expectations (>= 3.0.0)
    rspec-mocks (3.9.0)
      diff-lcs (>= 1.2.0, < 2.0)
      rspec-support (~> 3.9.0)
    rspec-support (3.9.0)
    ruby-jing (0.0.1)
      optout (>= 0.0.2)
    ruby_deep_clone (0.8.0)
    rubyzip (2.0.0)
    sassc (2.2.1)
      ffi (~> 1.9)
    sterile (1.0.14)
      nokogiri
    thread_safe (0.3.6)
    unicode2latex (0.0.3)
    uuidtools (2.1.5)

PLATFORMS
  ruby

DEPENDENCIES
  bundler (~> 2.0)
  byebug (~> 10.0)
  equivalent-xml (~> 0.6)
  metanorma!
  metanorma-iso (~> 1.3)
  rake (~> 12.0)
  rspec (~> 3.0)
  rspec-command (~> 1.0)

BUNDLED WITH
   2.0.2
